GEM
  remote: https://rubygems.org/
  specs:
    coderay (1.1.2)
    dotenv (2.7.5)
    json (1.8.6)
    method_source (0.9.2)
    open-weather (0.12.0)
      json (~> 1)
    pry (0.12.2)
      coderay (~> 1.1.0)
      method_source (~> 0.9.0)

PLATFORMS
  ruby

DEPENDENCIES
  dotenv
  open-weather
  pry

BUNDLED WITH
   2.0.2
